GEM
  remote: https://rubygems.org/
  specs:
    Ascii85 (1.1.0)
    addressable (2.8.0)
      public_suffix (>= 2.0.2, < 5.0)
    afm (0.2.2)
    asciidoctor (2.0.17)
    asciidoctor-bibtex (0.8.0)
      asciidoctor (~> 2.0)
      bibtex-ruby (~> 5.1)
      citeproc-ruby (~> 1)
      csl-styles (~> 1)
      latex-decode (~> 0.2)
    asciidoctor-mathematical (0.3.5)
      asciidoctor (~> 2.0)
      asciimath (~> 2.0)
      mathematical (~> 1.6.0)
    asciidoctor-pdf (2.2.0)
      asciidoctor (~> 2.0)
      concurrent-ruby (~> 1.1)
      matrix (~> 0.4)
      prawn (~> 2.4.0)
      prawn-icon (~> 3.0.0)
      prawn-svg (~> 0.32.0)
      prawn-table (~> 0.2.0)
      prawn-templates (~> 0.1.0)
      treetop (~> 1.6.0)
    asciimath (2.0.4)
    bibtex-ruby (5.1.6)
      latex-decode (~> 0.0)
    blake2b (0.10.0)
    citeproc (1.0.10)
      namae (~> 1.0)
    citeproc-ruby (1.1.14)
      citeproc (~> 1.0, >= 1.0.9)
      csl (~> 1.6)
    concurrent-ruby (1.1.10)
    csl (1.6.0)
      namae (~> 1.0)
      rexml
    csl-styles (1.0.1.11)
      csl (~> 1.0)
    css_parser (1.11.0)
      addressable
    execjs (2.8.1)
    hashery (2.1.2)
    i18n (1.12.0)
      concurrent-ruby (~> 1.0)
    kaitai-struct (0.10)
    katex (0.9.0)
      execjs (~> 2.7)
    latex-decode (0.4.0)
    libv8-node (16.10.0.0-x86_64-linux)
    mathematical (1.6.14)
      ruby-enum (~> 0.4)
    matrix (0.4.2)
    mini_racer (0.6.2)
      libv8-node (~> 16.10.0.0)
    namae (1.1.1)
    pdf-core (0.9.0)
    pdf-reader (2.10.0)
      Ascii85 (~> 1.0)
      afm (~> 0.2.1)
      hashery (~> 2.0)
      ruby-rc4
      ttfunk
    polyglot (0.3.5)
    prawn (2.4.0)
      pdf-core (~> 0.9.0)
      ttfunk (~> 1.7)
    prawn-icon (3.0.0)
      prawn (>= 1.1.0, < 3.0.0)
    prawn-svg (0.32.0)
      css_parser (~> 1.6)
      prawn (>= 0.11.1, < 3)
      rexml (~> 3.2)
    prawn-table (0.2.2)
      prawn (>= 1.3.0, < 3.0.0)
    prawn-templates (0.1.2)
      pdf-reader (~> 2.0)
      prawn (~> 2.2)
    pseudocode (0.1.1)
      execjs (~> 2.8)
      katex (~> 0.8)
    public_suffix (4.0.7)
    rexml (3.2.5)
    rghost (0.9.7)
    rouge (3.30.0)
    ruby-enum (0.9.0)
      i18n
    ruby-rc4 (0.1.5)
    treetop (1.6.11)
      polyglot (~> 0.3)
    ttfunk (1.7.0)
    wkhtml (0.0.1)

PLATFORMS
  x86_64-linux

DEPENDENCIES
  asciidoctor
  asciidoctor-bibtex
  asciidoctor-mathematical
  asciidoctor-pdf
  blake2b (~> 0.10.0)
  kaitai-struct
  mini_racer
  pseudocode (~> 0.1.1)
  rghost
  rouge
  wkhtml

BUNDLED WITH
   2.3.9
